GEM
  remote: https://rubygems.org/
  specs:
    json (2.5.1)
    minitest (5.14.2)

PLATFORMS
  x64-mingw32

DEPENDENCIES
  json
  minitest

BUNDLED WITH
   2.2.22
